GEM
  remote: https://rubygems.org/
  specs:
    digest-crc (0.4.1)
    king_konf (0.3.7)
    racecar (0.4.2)
      king_konf (~> 0.3.6)
      ruby-kafka (~> 0.6)
    ruby-kafka (0.7.8)
      digest-crc

PLATFORMS
  ruby

DEPENDENCIES
  racecar
  ruby-kafka

BUNDLED WITH
   2.0.1
